GEM
  remote: https://rubygems.org/
  specs:
    pg (1.2.2)

PLATFORMS
  ruby

DEPENDENCIES
  pg

RUBY VERSION
   ruby 2.7.0p0

BUNDLED WITH
   2.1.4
