GEM
  remote: https://rubygems.org/
  specs:
    backports (3.6.8)
    erubis (2.7.0)
    multi_json (1.12.1)
    mustermann (1.1.2)
      ruby2_keywords (~> 0.0.1)
    nio4r (2.5.2)
    puma (4.3.5)
      nio4r (~> 2.0)
    rack (2.2.6.2)
    rack-protection (2.0.8.1)
      rack
    ruby2_keywords (0.0.5)
    sinatra (2.0.8.1)
      mustermann (~> 1.0)
      rack (~> 2.0)
      rack-protection (= 2.0.8.1)
      tilt (~> 2.0)
    sinatra-contrib (2.0.8.1)
      backports (>= 2.8.2)
      multi_json
      mustermann (~> 1.0)
      rack-protection (= 2.0.8.1)
      sinatra (= 2.0.8.1)
      tilt (~> 2.0)
    tilt (2.0.5)

PLATFORMS
  ruby

DEPENDENCIES
  erubis
  puma
  sinatra (= 2.0.8.1)
  sinatra-contrib

RUBY VERSION
   ruby 2.7.0p0

BUNDLED WITH
   2.1.4
